GEM
  remote: https://rubygems.org/
  specs:
    bouncy-castle-java (1.5.0147)
    mime-types (1.19)
    rest-client (1.6.7)
      mime-types (>= 1.16)

PLATFORMS
  arm64-darwin-22

DEPENDENCIES
  bouncy-castle-java (~> 1.5)
  mime-types (= 1.19)
  rest-client (= 1.6.7)

BUNDLED WITH
   2.4.12
